GEM
  remote: https://rubygems.org/
  specs:
    curses (1.0.1)
    net-scp (1.2.1)
      net-ssh (>= 2.6.5)
    net-ssh (2.9.2)
    net-ssh-gateway (1.2.0)
      net-ssh (>= 2.6.5)
    net-ssh-multi (1.2.0)
      net-ssh (>= 2.6.5)
      net-ssh-gateway (>= 1.2.0)
    salticid (0.9.8)
      net-scp
      net-ssh
      net-ssh-gateway
      net-ssh-multi
      trollop (~> 1.16.2)
    trollop (1.16.2)

PLATFORMS
  ruby

DEPENDENCIES
  curses
  salticid
